GEM
  specs:
    addressable (2.2.6)
    cfoundry (0.3.23)
      multi_json (~> 1.3.6)
      rest-client (~> 1.6.1)
      rubyzip (~> 0.9.5)
    crack (0.3.1)
    eventmachine (0.12.10)
    interact (0.4.7)
    json_pure (1.6.7)
    manifests-vmc-plugin (0.4.3)
      cfoundry (~> 0.3.9)
    mime-types (1.19)
    mothership (0.0.14)
    multi_json (1.3.6)
    rake (0.9.2.2)
    rb-readline (0.4.2)
    rest-client (1.6.7)
      mime-types (>= 1.16)
    rspec (1.3.2)
    rubyzip (0.9.9)
    simplecov (0.6.4)
      multi_json (~> 1.0)
      simplecov-html (~> 0.5.3)
    simplecov-html (0.5.3)
    terminal-table (1.4.5)
    uuidtools (2.1.3)
    vmc (0.4.0.beta.36)
      addressable (~> 2.2.6)
      cfoundry (~> 0.3.23)
      interact (~> 0.4.0)
      interact (~> 0.4.7)
      json_pure (>= 1.5.1, < 1.7.0)
      json_pure (~> 1.6.5)
      manifests-vmc-plugin (~> 0.4.3)
      mothership (~> 0.0.14)
      multi_json (~> 1.3.6)
      rake
      rake
      rb-readline (~> 0.4.2)
      rest-client (>= 1.6.1, < 1.7.0)
      rspec
      rspec (~> 1.3.0)
      rubyzip (~> 0.9.4)
      simplecov
      terminal-table (~> 1.4.2)
      uuidtools (~> 2.1.0)
      webmock (~> 1.5.0)
    webmock (1.5.0)
      addressable (>= 2.2.2)
      crack (>= 0.1.7)

PLATFORMS
  ruby

DEPENDENCIES
  eventmachine (= 0.12.10)
  vmc (= 0.4.0.beta.36)
