GEM
  remote: https://rubygems.org/
  specs:
    builder (3.0.0)
    cfoundry (0.3.36)
      multi_json (~> 1.3.6)
      rest-client (~> 1.6.1)
      rubyzip (~> 0.9.9)
    diff-lcs (1.1.3)
    eventmachine (0.12.10)
    mime-types (1.19)
    multi_json (1.3.6)
    nokogiri (1.5.5)
    rake (0.9.2.2)
    rbvmomi (1.5.1)
      builder
      nokogiri (>= 1.4.1)
      trollop
    rest-client (1.6.7)
      mime-types (>= 1.16)
    rspec (2.11.0)
      rspec-core (~> 2.11.0)
      rspec-expectations (~> 2.11.0)
      rspec-mocks (~> 2.11.0)
    rspec-core (2.11.1)
    rspec-expectations (2.11.3)
      diff-lcs (~> 1.1.3)
    rspec-mocks (2.11.3)
    rubyzip (0.9.9)
    trollop (2.0)

PLATFORMS
  ruby

DEPENDENCIES
  cfoundry (= 0.3.36)
  eventmachine (= 0.12.10)
  rake (= 0.9.2.2)
  rbvmomi (= 1.5.1)
  rspec (= 2.11.0)
